GEM
  remote: https://rubygems.org/
  specs:
    coderay (1.0.8)
    cuba (3.1.0)
      rack
    cuba-sugar (0.3.0)
      cuba (~> 3.1.0)
      json (~> 1.7.3)
      rack_csrf (~> 2.4.0)
    faraday (0.8.4)
      multipart-post (~> 1.1)
    ffi (1.2.0)
    google_drive (0.3.2)
      nokogiri (>= 1.4.4, != 1.5.2, != 1.5.1)
      oauth (>= 0.3.6)
      oauth2 (>= 0.5.0)
    growl (1.0.3)
    guard (1.6.1)
      listen (>= 0.6.0)
      lumberjack (>= 1.0.2)
      pry (>= 0.9.10)
      thor (>= 0.14.6)
    guard-rack (1.2.2)
      growl (~> 1.0.3)
      guard (~> 1.1)
      rb-fsevent (>= 0.3.9)
    hipchat (0.7.0)
      httparty
      httparty
    httparty (0.9.0)
      multi_json (~> 1.0)
      multi_xml
    httpauth (0.2.0)
    json (1.7.6)
    jwt (0.1.5)
      multi_json (>= 1.0)
    listen (0.7.0)
    lumberjack (1.0.2)
    method_source (0.8.1)
    multi_json (1.5.0)
    multi_xml (0.5.1)
    multipart-post (1.1.5)
    nokogiri (1.5.6)
    oauth (0.4.7)
    oauth2 (0.8.0)
      faraday (~> 0.8)
      httpauth (~> 0.1)
      jwt (~> 0.1.4)
      multi_json (~> 1.0)
      rack (~> 1.2)
    pry (0.9.10)
      coderay (~> 1.0.5)
      method_source (~> 0.8)
      slop (~> 3.3.1)
    rack (1.4.1)
    rack-env (0.1.3)
    rack_csrf (2.4.0)
      rack (>= 0.9)
    rake (10.0.3)
    rb-fsevent (0.9.3)
    rb-inotify (0.8.8)
      ffi (>= 0.5.0)
    slim (1.3.6)
      temple (~> 0.5.5)
      tilt (~> 1.3.3)
    slop (3.3.3)
    temple (0.5.5)
    thor (0.16.0)
    tilt (1.3.3)

PLATFORMS
  ruby

DEPENDENCIES
  cuba
  cuba-sugar
  google_drive
  guard-rack
  hipchat
  httparty
  json
  rack-env
  rake
  rb-inotify
  slim
  tilt
